GEM
  remote: https://rubygems.org/
  specs:
    activesupport (3.2.7)
      i18n (~> 0.6)
      multi_json (~> 1.0)
    coderay (1.0.7)
    i18n (0.6.0)
    method_source (0.8)
    multi_json (1.3.6)
    pry (0.9.10)
      coderay (~> 1.0.5)
      method_source (~> 0.8)
      slop (~> 3.3.1)
    rainbow (1.1.4)
    slop (3.3.2)
    terminal-table (1.4.5)
    trollop (1.16.2)

PLATFORMS
  ruby

DEPENDENCIES
  activesupport
  i18n
  pry
  rainbow
  terminal-table
  trollop
