GEM
  remote: http://rubygems.org/
  specs:
    active_support (3.0.0)
      activesupport (= 3.0.0)
    activesupport (3.0.0)
    i18n (0.6.0)
    rainbow (1.1.3)
    terminal-table (1.4.4)
    trollop (1.16.2)

PLATFORMS
  ruby

DEPENDENCIES
  active_support
  i18n
  rainbow
  terminal-table
  trollop
