GEM
  remote: https://rubygems.org/
  specs:
    activesupport (3.2.12)
      i18n (~> 0.6)
      multi_json (~> 1.0)
    i18n (0.6.1)
    multi_json (1.6.1)
    rainbow (1.1.4)
    terminal-table (1.4.5)
    trollop (2.0)

PLATFORMS
  ruby

DEPENDENCIES
  activesupport
  i18n
  rainbow
  terminal-table
  trollop
