GEM
  remote: https://rubygems.org/
  specs:
    i18n (0.6.9)
    rainbow (2.0.0)
    terminal-table (1.4.5)
    trollop (2.0)

PLATFORMS
  ruby

DEPENDENCIES
  i18n
  rainbow
  terminal-table
  trollop
