GEM
  remote: https://rubygems.org/
  specs:
    active_support (3.0.0)
      activesupport (= 3.0.0)
    activesupport (3.0.0)
    coderay (1.0.7)
    i18n (0.6.0)
    method_source (0.8)
    pry (0.9.10)
      coderay (~> 1.0.5)
      method_source (~> 0.8)
      slop (~> 3.3.1)
    rainbow (1.1.4)
    slop (3.3.2)
    terminal-table (1.4.5)
    trollop (1.16.2)

PLATFORMS
  ruby

DEPENDENCIES
  active_support
  i18n
  pry
  rainbow
  terminal-table
  trollop
